PATH
  remote: .
  specs:
    relp (0.0.1)

GEM
  remote: http://rubygems.org/
  specs:
    rake (0.9.2.2)
    rake-compiler (0.8.0)
      rake

PLATFORMS
  ruby

DEPENDENCIES
  rake
  rake-compiler (~> 0.8.0)
  relp!
